NUGET
  remote: https://www.nuget.org/api/v2
    FSharp.Compiler.Tools (10.0.2)
    IntelliFactory.Xml (0.6.64.1)
    WebSharper (4.5.0.290)
    WebSharper.FSharp (4.5.0.290)
      WebSharper (4.5.0.290)
    WebSharper.Html (4.5.0.142)
      IntelliFactory.Xml (>= 0.6.64 < 0.7)
      WebSharper (>= 4.5 < 4.6)
